GIT
  remote: git://github.com/NYULibraries/nyulibraries-deploy.git
  revision: 4814c11a636128aa949f02d1bac74936c9a05f83
  branch: development-fig
  specs:
    nyulibraries-deploy (3.2.5)
      cap_git_tools (~> 0.9.1)
      capistrano (~> 2.15.5)
      figs (~> 2.0)
      git (~> 1.2.5)
      mail (~> 2.5.4)
      newrelic_rpm (~> 3.6)
      rake (~> 10.1.0)
      require_all (~> 1.3.0)
      rvm-capistrano (~> 1.5.0)

GEM
  remote: https://rubygems.org/
  specs:
    cap_git_tools (0.9.1)
      capistrano (~> 2.0)
    capistrano (2.15.5)
      highline
      net-scp (>= 1.0.0)
      net-sftp (>= 2.0.0)
      net-ssh (>= 2.0.14)
      net-ssh-gateway (>= 1.1.0)
    columnize (0.3.6)
    debugger (1.6.6)
      columnize (>= 0.3.1)
      debugger-linecache (~> 1.2.0)
      debugger-ruby_core_source (~> 1.3.2)
    debugger-linecache (1.2.0)
    debugger-ruby_core_source (1.3.2)
    figs (2.0.1)
      git (~> 1.2.6)
      rake (~> 10.1)
    git (1.2.6)
    highline (1.6.21)
    mail (2.5.4)
      mime-types (~> 1.16)
      treetop (~> 1.4.8)
    mime-types (1.25.1)
    net-scp (1.1.2)
      net-ssh (>= 2.6.5)
    net-sftp (2.1.2)
      net-ssh (>= 2.6.5)
    net-ssh (2.8.0)
    net-ssh-gateway (1.2.0)
      net-ssh (>= 2.6.5)
    newrelic_rpm (3.7.3.204)
    polyglot (0.3.4)
    rake (10.1.1)
    require_all (1.3.2)
    rvm-capistrano (1.5.1)
      capistrano (~> 2.15.4)
    thor (0.18.1)
    treetop (1.4.15)
      polyglot
      polyglot (>= 0.3.1)

PLATFORMS
  ruby

DEPENDENCIES
  cap_git_tools
  capistrano
  debugger
  figs
  git
  mail
  newrelic_rpm
  nyulibraries-deploy!
  rake
  require_all
  rvm-capistrano
  thor
